GIT
  remote: https://github.com/tourkrub/tourkrub-toolkit.git
  revision: 68b357763e899047fdb3e9d26192d0de16c2b2cd
  branch: master
  specs:
    tourkrub-toolkit (2.0.4)
      dry-struct (~> 1.6.0)
      sidekiq (>= 7.1.0)

PATH
  remote: .
  specs:
    servant (2.0.0)
      dry-configurable (~> 1.0.1)
      httparty (~> 0.21.0)
      pastel (~> 0.8.0)
      redis (~> 5.0.6)
      sidekiq (>= 7.1.0)
      thor (>= 1.2.1)
      tourkrub-toolkit

GEM
  remote: https://rubygems.org/
  specs:
    ast (2.4.2)
    bump (0.10.0)
    byebug (11.1.3)
    concurrent-ruby (1.2.2)
    connection_pool (2.4.0)
    diff-lcs (1.5.0)
    docile (1.4.0)
    dry-configurable (1.0.1)
      dry-core (~> 1.0, < 2)
      zeitwerk (~> 2.6)
    dry-core (1.0.0)
      concurrent-ruby (~> 1.0)
      zeitwerk (~> 2.6)
    dry-inflector (1.0.0)
    dry-logic (1.5.0)
      concurrent-ruby (~> 1.0)
      dry-core (~> 1.0, < 2)
      zeitwerk (~> 2.6)
    dry-struct (1.6.0)
      dry-core (~> 1.0, < 2)
      dry-types (>= 1.7, < 2)
      ice_nine (~> 0.11)
      zeitwerk (~> 2.6)
    dry-types (1.7.1)
      concurrent-ruby (~> 1.0)
      dry-core (~> 1.0)
      dry-inflector (~> 1.0)
      dry-logic (~> 1.4)
      zeitwerk (~> 2.6)
    httparty (0.21.0)
      mini_mime (>= 1.0.0)
      multi_xml (>= 0.5.2)
    ice_nine (0.11.2)
    json (2.6.3)
    mini_mime (1.1.2)
    mock_redis (0.36.0)
      ruby2_keywords
    multi_xml (0.6.0)
    parallel (1.23.0)
    parser (3.2.2.1)
      ast (~> 2.4.1)
    pastel (0.8.0)
      tty-color (~> 0.5)
    rack (3.0.7)
    rainbow (3.1.1)
    rake (13.0.6)
    redis (5.0.6)
      redis-client (>= 0.9.0)
    redis-client (0.14.1)
      connection_pool
    regexp_parser (2.8.0)
    rexml (3.2.5)
    rspec (3.12.0)
      rspec-core (~> 3.12.0)
      rspec-expectations (~> 3.12.0)
      rspec-mocks (~> 3.12.0)
    rspec-core (3.12.2)
      rspec-support (~> 3.12.0)
    rspec-expectations (3.12.3)
      diff-lcs (>= 1.2.0, < 2.0)
      rspec-support (~> 3.12.0)
    rspec-mocks (3.12.5)
      diff-lcs (>= 1.2.0, < 2.0)
      rspec-support (~> 3.12.0)
    rspec-support (3.12.0)
    rubocop (1.50.2)
      json (~> 2.3)
      parallel (~> 1.10)
      parser (>= 3.2.0.0)
      rainbow (>= 2.2.2, < 4.0)
      regexp_parser (>= 1.8, < 3.0)
      rexml (>= 3.2.5, < 4.0)
      rubocop-ast (>= 1.28.0, < 2.0)
      ruby-progressbar (~> 1.7)
      unicode-display_width (>= 2.4.0, < 3.0)
    rubocop-ast (1.28.1)
      parser (>= 3.2.1.0)
    ruby-progressbar (1.13.0)
    ruby2_keywords (0.0.5)
    sidekiq (7.1.0)
      concurrent-ruby (< 2)
      connection_pool (>= 2.3.0)
      rack (>= 2.2.4)
      redis-client (>= 0.14.0)
    simplecov (0.22.0)
      docile (~> 1.1)
      simplecov-html (~> 0.11)
      simplecov_json_formatter (~> 0.1)
    simplecov-html (0.12.3)
    simplecov_json_formatter (0.1.4)
    thor (1.2.1)
    tty-color (0.6.0)
    unicode-display_width (2.4.2)
    zeitwerk (2.6.8)

PLATFORMS
  arm64-darwin-22

DEPENDENCIES
  bump (~> 0.10.0)
  bundler (~> 2.4.12)
  byebug (~> 11.1.3)
  mock_redis (~> 0.36.0)
  rake (~> 13.0)
  rspec (~> 3.12)
  rubocop (~> 1.50.2)
  servant!
  simplecov (~> 0.22.0)
  tourkrub-toolkit!

BUNDLED WITH
   2.4.12
